PATH
  remote: .
  specs:
    xebec (2.6.0)

GEM
  remote: http://rubygems.org/
  specs:
    actionmailer (2.3.10)
      actionpack (= 2.3.10)
    actionpack (2.3.10)
      activesupport (= 2.3.10)
      rack (~> 1.1.0)
    activerecord (2.3.10)
      activesupport (= 2.3.10)
    activeresource (2.3.10)
      activesupport (= 2.3.10)
    activesupport (2.3.10)
    mocha (0.9.10)
      rake
    rack (1.1.0)
    rails (2.3.10)
      actionmailer (= 2.3.10)
      actionpack (= 2.3.10)
      activerecord (= 2.3.10)
      activeresource (= 2.3.10)
      activesupport (= 2.3.10)
      rake (>= 0.8.3)
    rake (0.8.7)
    shoulda (2.10.3)

PLATFORMS
  ruby

DEPENDENCIES
  mocha (~> 0.9.8)
  rails (~> 2.3.8)
  shoulda (~> 2.10.3)
  xebec!
